GEM
  remote: http://rubygems.org/
  specs:
    POpen4 (0.1.4)
      Platform (>= 0.4.0)
      open4
    Platform (0.4.0)
    chunky_png (1.2.5)
    compass (0.11.5)
      chunky_png (~> 1.2)
      fssm (>= 0.2.7)
      sass (~> 3.1)
    ffi (1.0.11)
    fssm (0.2.7)
    guard (0.8.8)
      thor (~> 0.14.6)
    guard-bundler (0.1.3)
      bundler (>= 1.0.0)
      guard (>= 0.2.2)
    guard-pow (0.2.1)
      guard (>= 0.3.0)
    haml (3.1.2)
    hike (1.2.1)
    multi_json (1.0.4)
    open4 (1.3.0)
    rack (1.3.0)
    rb-fsevent (0.4.3.1)
    rb-inotify (0.8.8)
      ffi (>= 0.5.0)
    sass (3.1.3)
    sinatra (1.2.6)
      rack (~> 1.1)
      tilt (>= 1.2.2, < 2.0)
    sprockets (2.3.0)
      hike (~> 1.2)
      multi_json (~> 1.0)
      rack (~> 1.0)
      tilt (~> 1.1, != 1.3.0)
    sprockets-helpers (0.2.1)
      sprockets (~> 2.0)
    sprockets-sass (0.6.0)
      sprockets (~> 2.0)
      tilt (~> 1.1)
    thor (0.14.6)
    tilt (1.3.2)
    yui-compressor (0.9.6)
      POpen4 (>= 0.1.4)

PLATFORMS
  ruby

DEPENDENCIES
  compass
  guard
  guard-bundler
  guard-pow
  haml
  rb-fsevent
  rb-inotify
  sass
  sinatra
  sprockets
  sprockets-helpers
  sprockets-sass
  yui-compressor
